GEM
  remote: https://rubygems.org/
  specs:
    aws-sdk (1.39.0)
      json (~> 1.4)
      nokogiri (>= 1.4.4)
    coderay (1.1.0)
    h5-min (0.2.2)
      htmlentities (>= 4.1.0)
    htmlentities (4.3.1)
    json (1.8.1)
    method_source (0.8.2)
    mini_portile2 (2.8.1)
    nokogiri (1.14.3)
      mini_portile2 (~> 2.8.0)
      racc (~> 1.4)
    pry (0.9.12.6)
      coderay (~> 1.0)
      method_source (~> 0.8)
      slop (~> 3.4)
    racc (1.6.2)
    slop (3.5.0)
    yui-compressor (0.12.0)

PLATFORMS
  ruby

DEPENDENCIES
  aws-sdk
  h5-min
  nokogiri
  pry
  yui-compressor
